GEM
  remote: https://rubygems.org/
  specs:
    m3u8 (0.8.2)
    mini_portile2 (2.3.0)
    nokogiri (1.8.5)
      mini_portile2 (~> 2.3.0)

PLATFORMS
  ruby

DEPENDENCIES
  m3u8
  nokogiri

BUNDLED WITH
   1.16.1
